GEM
  remote: https://rubygems.org/
  specs:
    actionmailer (2.3.12)
      actionpack (= 2.3.12)
    actionpack (2.3.12)
      activesupport (= 2.3.12)
      rack (~> 1.1.0)
    activerecord (2.3.12)
      activesupport (= 2.3.12)
    activeresource (2.3.12)
      activesupport (= 2.3.12)
    activesupport (2.3.12)
    haml (3.1.2)
    json (1.8.1)
    kgio (2.9.2)
    rack (1.1.2)
    rails (2.3.12)
      actionmailer (= 2.3.12)
      actionpack (= 2.3.12)
      activerecord (= 2.3.12)
      activeresource (= 2.3.12)
      activesupport (= 2.3.12)
      rake (>= 0.8.3)
    raindrops (0.13.0)
    rake (0.9.2)
    rdoc (4.1.1)
      json (~> 1.4)
    sqlite3 (1.3.9)
    unicorn (4.8.2)
      kgio (~> 2.6)
      rack
      raindrops (~> 0.7)

PLATFORMS
  ruby

DEPENDENCIES
  haml
  rails (= 2.3.12)
  rdoc
  sqlite3
  unicorn
